PATH
  remote: .
  specs:
    test (0.1.0)
      activemodel (~> 7.0.4)
      activesupport (~> 7.0.4)
      addressable (~> 2.8.0)
      colorize (~> 0.8.1)
      concurrent-ruby (~> 1.1, >= 1.1.8)
      dotenv (~> 2.8.1)
      faraday (~> 2.7.2)
      faraday-http-cache (~> 2.4.1)
      faraday-multipart (~> 1.0)
      faraday-retry (~> 2.0)
      git (~> 1.8)
      gitlab_chronic_duration (~> 0.10.6.2)
      octokit (~> 5.6.1)
      require_all (~> 3.0.0)
      ruby-progressbar (~> 1.7)
      thor (~> 1.2.1)
      uri-ssh_git (~> 2.0)
      validate_url (~> 1.0.5)

GEM
  remote: https://rubygems.org/
  specs:
    activemodel (7.0.4.2)
      activesupport (= 7.0.4.2)
    activesupport (7.0.4.2)
      concurrent-ruby (~> 1.0, >= 1.0.2)
      i18n (>= 1.6, < 2)
      minitest (>= 5.1)
      tzinfo (~> 2.0)
    addressable (2.8.1)
      public_suffix (>= 2.0.2, < 6.0)
    colorize (0.8.1)
    concurrent-ruby (1.2.0)
    dotenv (2.8.1)
    faraday (2.7.4)
      faraday-net_http (>= 2.0, < 3.1)
      ruby2_keywords (>= 0.0.4)
    faraday-http-cache (2.4.1)
      faraday (>= 0.8)
    faraday-multipart (1.0.4)
      multipart-post (~> 2)
    faraday-net_http (3.0.2)
    faraday-retry (2.0.0)
      faraday (~> 2.0)
    git (1.13.2)
      addressable (~> 2.8)
      rchardet (~> 1.8)
    gitlab_chronic_duration (0.10.6.2)
      numerizer (~> 0.2)
    i18n (1.12.0)
      concurrent-ruby (~> 1.0)
    minitest (5.17.0)
    multipart-post (2.3.0)
    numerizer (0.2.0)
    octokit (5.6.1)
      faraday (>= 1, < 3)
      sawyer (~> 0.9)
    public_suffix (5.0.1)
    rake (13.0.6)
    rchardet (1.8.0)
    require_all (3.0.0)
    ruby-progressbar (1.11.0)
    ruby2_keywords (0.0.5)
    sawyer (0.9.2)
      addressable (>= 2.3.5)
      faraday (>= 0.17.3, < 3)
    thor (1.2.1)
    tzinfo (2.0.6)
      concurrent-ruby (~> 1.0)
    uri-ssh_git (2.0.0)
    validate_url (1.0.15)
      activemodel (>= 3.0.0)
      public_suffix

PLATFORMS
  arm64-darwin-22
  x86_64-linux

DEPENDENCIES
  rake (~> 13.0)
  test!

BUNDLED WITH
   2.4.6
