PATH
  remote: .
  specs:
    test (0.1.0)
      activemodel (~> 7.0.4)
      activesupport (~> 7.0.4)
      addressable (~> 2.8.0)
      colorize (~> 0.8.1)
      concurrent-ruby (~> 1.1, >= 1.1.8)
      dotenv (~> 2.8.1)
      faraday (~> 2.7.2)
      faraday-http-cache (~> 2.4.1)
      faraday-multipart (~> 1.0)
      faraday-retry (~> 2.0)
      git (~> 1.8)
      gitlab_chronic_duration (~> 0.10.6.2)
      octokit (~> 5.6.1)
      require_all (~> 3.0.0)
      ruby-progressbar (~> 1.7)
      thor (~> 1.2.1)
      uri-ssh_git (~> 2.0)
      validate_url (~> 1.0.5)

GEM
  remote: https://rubygems.org/
  specs:
    activemodel (7.0.4.2)
      activesupport (= 7.0.4.2)
    activesupport (7.0.4.2)
      concurrent-ruby (~> 1.0, >= 1.0.2)
      i18n (>= 1.6, < 2)
      minitest (>= 5.1)
      tzinfo (~> 2.0)
    addressable (2.8.1)
      public_suffix (>= 2.0.2, < 6.0)
    ast (2.4.2)
    childprocess (4.1.0)
    colorize (0.8.1)
    concurrent-ruby (1.2.0)
    crack (0.4.5)
      rexml
    debug (1.7.1)
      irb (>= 1.5.0)
      reline (>= 0.3.1)
    diff-lcs (1.5.0)
    docile (1.4.0)
    dotenv (2.8.1)
    factory_bot (6.2.1)
      activesupport (>= 5.0.0)
    fakefs (2.0.0)
    faker (2.16.0)
      i18n (>= 1.6, < 2)
    faraday (2.7.4)
      faraday-net_http (>= 2.0, < 3.1)
      ruby2_keywords (>= 0.0.4)
    faraday-http-cache (2.4.1)
      faraday (>= 0.8)
    faraday-multipart (1.0.4)
      multipart-post (~> 2)
    faraday-net_http (3.0.2)
    faraday-retry (2.0.0)
      faraday (~> 2.0)
    git (1.13.2)
      addressable (~> 2.8)
      rchardet (~> 1.8)
    gitlab_chronic_duration (0.10.6.2)
      numerizer (~> 0.2)
    hashdiff (1.0.1)
    i18n (1.12.0)
      concurrent-ruby (~> 1.0)
    iniparse (1.5.0)
    io-console (0.6.0)
    irb (1.6.2)
      reline (>= 0.3.0)
    json (2.6.3)
    minitest (5.17.0)
    multipart-post (2.3.0)
    numerizer (0.2.0)
    octokit (5.6.1)
      faraday (>= 1, < 3)
      sawyer (~> 0.9)
    overcommit (0.58.0)
      childprocess (>= 0.6.3, < 5)
      iniparse (~> 1.4)
      rexml (~> 3.2)
    parallel (1.22.1)
    parser (3.2.0.0)
      ast (~> 2.4.1)
    public_suffix (5.0.1)
    rack (3.0.4.1)
    rainbow (3.1.1)
    rake (13.0.6)
    rchardet (1.8.0)
    regexp_parser (2.6.2)
    reline (0.3.2)
      io-console (~> 0.5)
    require_all (3.0.0)
    rexml (3.2.5)
    rspec (3.9.0)
      rspec-core (~> 3.9.0)
      rspec-expectations (~> 3.9.0)
      rspec-mocks (~> 3.9.0)
    rspec-core (3.9.3)
      rspec-support (~> 3.9.3)
    rspec-expectations (3.9.4)
      diff-lcs (>= 1.2.0, < 2.0)
      rspec-support (~> 3.9.0)
    rspec-github (2.3.1)
      rspec-core (~> 3.0)
    rspec-mocks (3.9.1)
      diff-lcs (>= 1.2.0, < 2.0)
      rspec-support (~> 3.9.0)
    rspec-support (3.9.4)
    rubocop (1.44.1)
      json (~> 2.3)
      parallel (~> 1.10)
      parser (>= 3.2.0.0)
      rainbow (>= 2.2.2, < 4.0)
      regexp_parser (>= 1.8, < 3.0)
      rexml (>= 3.2.5, < 4.0)
      rubocop-ast (>= 1.24.1, < 2.0)
      ruby-progressbar (~> 1.7)
      unicode-display_width (>= 2.4.0, < 3.0)
    rubocop-ast (1.24.1)
      parser (>= 3.1.1.0)
    rubocop-capybara (2.17.0)
      rubocop (~> 1.41)
    rubocop-github (0.20.0)
      rubocop (>= 1.37)
      rubocop-performance (>= 1.15)
      rubocop-rails (>= 2.17)
    rubocop-performance (1.16.0)
      rubocop (>= 1.7.0, < 2.0)
      rubocop-ast (>= 0.4.0)
    rubocop-rails (2.17.4)
      activesupport (>= 4.2.0)
      rack (>= 1.1)
      rubocop (>= 1.33.0, < 2.0)
    rubocop-rspec (2.18.1)
      rubocop (~> 1.33)
      rubocop-capybara (~> 2.17)
    ruby-debug-ide (0.7.3)
      rake (>= 0.8.1)
    ruby-progressbar (1.11.0)
    ruby2_keywords (0.0.5)
    sawyer (0.9.2)
      addressable (>= 2.3.5)
      faraday (>= 0.17.3, < 3)
    shoulda-matchers (5.3.0)
      activesupport (>= 5.2.0)
    simplecov (0.21.2)
      docile (~> 1.1)
      simplecov-html (~> 0.11)
      simplecov_json_formatter (~> 0.1)
    simplecov-html (0.12.3)
    simplecov_json_formatter (0.1.4)
    thor (1.2.1)
    tzinfo (2.0.6)
      concurrent-ruby (~> 1.0)
    unicode-display_width (2.4.2)
    uri-ssh_git (2.0.0)
    validate_url (1.0.15)
      activemodel (>= 3.0.0)
      public_suffix
    vcr (6.1.0)
    webmock (3.18.1)
      addressable (>= 2.8.0)
      crack (>= 0.3.2)
      hashdiff (>= 0.4.0, < 2.0.0)

PLATFORMS
  arm64-darwin-22
  x86_64-linux

DEPENDENCIES
  bundler (~> 2.3)
  debug (~> 1.7.1)
  factory_bot (~> 6.1)
  fakefs (~> 2.0)
  faker (~> 2.16.0)
  overcommit (~> 0.58.0)
  rake (~> 13.0)
  rspec (~> 3.9.0)
  rspec-github (~> 2.3.0)
  rubocop (~> 1.40)
  rubocop-github (~> 0.20.0)
  rubocop-performance (~> 1.15)
  rubocop-rspec (~> 2.16)
  ruby-debug-ide (~> 0.7.2)
  shoulda-matchers (~> 5.3)
  simplecov (~> 0.21.2)
  test!
  vcr (~> 6.1)
  webmock (~> 3.18)

RUBY VERSION
   ruby 3.2.0p0

BUNDLED WITH
   2.4.6
