PATH
  remote: .
  specs:
    test (0.1.0)

GEM
  remote: https://rubygems.org/
  specs:
    rake (13.0.6)

PLATFORMS
  arm64-darwin-22
  x86_64-linux

DEPENDENCIES
  rake (~> 13.0)
  test!

BUNDLED WITH
   2.4.6
